PATH
  remote: .
  specs:
    ecloud_cpi (0.0.1)
      bosh_common (>= 0.4.0)
      bosh_cpi (>= 0.4.2)
      fog (~> 1.3.1)
      httpclient (>= 2.2.0)
      uuidtools (>= 2.1.2)
      yajl-ruby (>= 0.8.2)

GEM
  remote: https://rubygems.org/
  specs:
    bosh_common (0.4.0)
    bosh_cpi (0.4.2)
      bosh_common
    builder (3.0.0)
    excon (0.13.4)
    fog (1.3.1)
      builder
      excon (~> 0.13.0)
      formatador (~> 0.2.0)
      mime-types
      multi_json (~> 1.0)
      net-scp (~> 1.0.4)
      net-ssh (>= 2.1.3)
      nokogiri (~> 1.5.0)
      ruby-hmac
    formatador (0.2.1)
    httpclient (2.2.4)
    mime-types (1.18)
    multi_json (1.3.2)
    net-scp (1.0.4)
      net-ssh (>= 1.99.1)
    net-ssh (2.3.0)
    nokogiri (1.5.2)
    ruby-hmac (0.4.0)
    uuidtools (2.1.2)
    yajl-ruby (1.1.0)

PLATFORMS
  ruby

DEPENDENCIES
  ecloud_cpi!
